GIT
  remote: git://github.com/zdennis/activerecord-import.git
  revision: d1d05ca3df59eb84e1587b0fb162b90e1f6e82ce
  specs:
    activerecord-import (1.0.7)
      activerecord (>= 3.2)

PATH
  remote: .
  specs:
    deep_import (0.0.1)
      activerecord
      activerecord-import
      activesupport
      colorize
      rake

GEM
  remote: https://rubygems.org/
  specs:
    activemodel (7.0.4.3)
      activesupport (= 7.0.4.3)
    activerecord (7.0.4.3)
      activemodel (= 7.0.4.3)
      activesupport (= 7.0.4.3)
    activesupport (7.0.4.3)
      concurrent-ruby (~> 1.0, >= 1.0.2)
      i18n (>= 1.6, < 2)
      minitest (>= 5.1)
      tzinfo (~> 2.0)
    colorize (0.8.1)
    concurrent-ruby (1.2.2)
    diff-lcs (1.4.4)
    execjs (2.7.0)
    i18n (1.12.0)
      concurrent-ruby (~> 1.0)
    libv8 (3.16.14.19)
    minitest (5.18.0)
    pg (1.2.3)
    rake (13.0.1)
    ref (2.0.0)
    rspec (3.10.0)
      rspec-core (~> 3.10.0)
      rspec-expectations (~> 3.10.0)
      rspec-mocks (~> 3.10.0)
    rspec-core (3.10.0)
      rspec-support (~> 3.10.0)
    rspec-expectations (3.10.0)
      diff-lcs (>= 1.2.0, < 2.0)
      rspec-support (~> 3.10.0)
    rspec-mocks (3.10.0)
      diff-lcs (>= 1.2.0, < 2.0)
      rspec-support (~> 3.10.0)
    rspec-support (3.10.0)
    rspec_candy (0.5.1)
      rspec
      sneaky-save
    sneaky-save (0.1.3)
      activerecord (>= 3.2.0)
    therubyracer (0.12.3)
      libv8 (~> 3.16.14.15)
      ref
    tzinfo (2.0.6)
      concurrent-ruby (~> 1.0)
    uglifier (4.2.0)
      execjs (>= 0.3.0, < 3)

PLATFORMS
  ruby

DEPENDENCIES
  activerecord-import!
  deep_import!
  pg
  rspec
  rspec_candy
  therubyracer
  uglifier

BUNDLED WITH
   1.17.3
